GEM
  remote: http://rubygems.org/
  specs:
    jenkins-plugin-runtime (0.2.2)
      json
      slop (~> 3.0.2)
    json (1.7.5-java)
    rack (1.4.1)
    rack-protection (1.2.0)
      rack
    sinatra (1.3.3)
      rack (~> 1.3, >= 1.3.6)
      rack-protection (~> 1.2)
      tilt (~> 1.3, >= 1.3.3)
    slop (3.0.4)
    tilt (1.3.3)

PLATFORMS
  java

DEPENDENCIES
  jenkins-plugin-runtime (~> 0.2.0)
  sinatra
