GEM
  remote: http://rubygems.org/
  specs:
    jenkins-plugin-runtime (0.2.3)
      json
      slop (~> 3.0.2)
    jenkins-war (1.475)
    jpi (0.3.8)
      bundler
      jenkins-plugin-runtime (~> 0.2.3)
      jenkins-war (> 1.427)
      rubyzip
      thor
    json (1.7.5-java)
    rack (1.4.1)
    rack-protection (1.2.0)
      rack
    rubyzip (0.9.9)
    sinatra (1.3.3)
      rack (~> 1.3, >= 1.3.6)
      rack-protection (~> 1.2)
      tilt (~> 1.3, >= 1.3.3)
    slop (3.0.4)
    thor (0.16.0)
    tilt (1.3.3)

PLATFORMS
  java

DEPENDENCIES
  jenkins-plugin-runtime (>= 0.2.3)
  jpi (>= 0.3.8)
  sinatra
